GEM
  remote: https://rubygems.org/
  specs:
    Ascii85 (1.0.3)
    afm (0.2.2)
    chunky_png (1.3.11)
    convolver-light (0.3.2)
      narray (>= 0.6.0.8)
    hashery (2.1.2)
    iguvium (0.8.3)
      convolver-light (~> 0.3.1)
      oily_png (~> 1.2)
      pdf-reader (~> 2.1)
      slop (~> 4.2)
    narray (0.6.1.2)
    oily_png (1.2.1)
      chunky_png (~> 1.3.7)
    pdf-reader (2.1.0)
      Ascii85 (~> 1.0.0)
      afm (~> 0.2.1)
      hashery (~> 2.0)
      ruby-rc4
      ttfunk
    ruby-rc4 (0.1.5)
    slop (4.6.2)
    ttfunk (1.5.1)

PLATFORMS
  ruby

DEPENDENCIES
  iguvium

BUNDLED WITH
   1.17.1
